GEM
  remote: https://rubygems.org/
  specs:
    line-bot-api (1.3.0)
    minitest (5.11.3)
    mustermann (1.0.3)
    rack (2.0.5)
    rack-protection (2.0.4)
      rack
    sinatra (2.0.4)
      mustermann (~> 1.0)
      rack (~> 2.0)
      rack-protection (= 2.0.4)
      tilt (~> 2.0)
    tilt (2.0.8)

PLATFORMS
  ruby

DEPENDENCIES
  line-bot-api (~> 1.3.0)
  minitest
  sinatra (~> 2.0.4)

BUNDLED WITH
   1.16.1
